GEM
  specs:

PLATFORMS
  arm64-darwin-24
  ruby

DEPENDENCIES

BUNDLED WITH
   2.6.5
