GEM
  remote: https://rubygems.org/
  specs:
    mini_portile2 (2.8.8)
    sqlite3 (1.7.3)
      mini_portile2 (~> 2.8.0)
    terminal-table (4.0.0)
      unicode-display_width (>= 1.1.1, < 4)
    unicode-display_width (3.1.4)
      unicode-emoji (~> 4.0, >= 4.0.4)
    unicode-emoji (4.0.4)

PLATFORMS
  arm64-darwin-24
  ruby

DEPENDENCIES
  sqlite3 (~> 1.7)
  terminal-table

BUNDLED WITH
   2.6.5
